PATH
  remote: .
  specs:
    roda-json_resources (0.1.0)
      multi_json (~> 1)
      rack-reducer (~> 0)
      roar (~> 1)
      roda (~> 3)

GEM
  remote: https://rubygems.org/
  specs:
    coderay (1.1.2)
    declarative (0.0.10)
    declarative-option (0.1.0)
    diff-lcs (1.3)
    method_source (0.9.0)
    multi_json (1.13.1)
    pry (0.11.3)
      coderay (~> 1.1.0)
      method_source (~> 0.9.0)
    rack (2.0.5)
    rack-reducer (0.1.2)
      rack (>= 1.6, < 3)
    rack-test (1.0.0)
      rack (>= 1.0, < 3)
    rake (12.3.1)
    representable (3.0.4)
      declarative (< 0.1.0)
      declarative-option (< 0.2.0)
      uber (< 0.2.0)
    roar (1.1.0)
      representable (~> 3.0.0)
    roda (3.9.0)
      rack
    rspec (3.7.0)
      rspec-core (~> 3.7.0)
      rspec-expectations (~> 3.7.0)
      rspec-mocks (~> 3.7.0)
    rspec-core (3.7.1)
      rspec-support (~> 3.7.0)
    rspec-expectations (3.7.0)
      diff-lcs (>= 1.2.0, < 2.0)
      rspec-support (~> 3.7.0)
    rspec-mocks (3.7.0)
      diff-lcs (>= 1.2.0, < 2.0)
      rspec-support (~> 3.7.0)
    rspec-support (3.7.1)
    uber (0.1.0)

PLATFORMS
  ruby

DEPENDENCIES
  bundler
  pry
  rack-test
  rake
  roda-json_resources!
  rspec

BUNDLED WITH
   1.16.1
